PATH
  remote: .
  specs:
    snaky_hash (1.0.1)
      hashie
      version_gem (~> 1.1)

GEM
  remote: https://rubygems.org/
  specs:
    ast (2.4.2)
    byebug (11.1.3)
    childprocess (4.1.0)
    codecov (0.6.0)
      simplecov (>= 0.15, < 0.22)
    diff-lcs (1.5.0)
    docile (1.4.0)
    github-markup (4.0.1)
    hashie (5.0.0)
    iniparse (1.5.0)
    jaro_winkler (1.5.4)
    json (2.6.2)
    overcommit (0.59.1)
      childprocess (>= 0.6.3, < 5)
      iniparse (~> 1.4)
      rexml (~> 3.2)
    parallel (1.22.1)
    parser (3.1.2.1)
      ast (~> 2.4.1)
    rainbow (3.1.1)
    rake (13.0.6)
    redcarpet (3.5.1)
    rexml (3.2.5)
    rspec (3.11.0)
      rspec-core (~> 3.11.0)
      rspec-expectations (~> 3.11.0)
      rspec-mocks (~> 3.11.0)
    rspec-core (3.11.0)
      rspec-support (~> 3.11.0)
    rspec-expectations (3.11.0)
      diff-lcs (>= 1.2.0, < 2.0)
      rspec-support (~> 3.11.0)
    rspec-mocks (3.11.1)
      diff-lcs (>= 1.2.0, < 2.0)
      rspec-support (~> 3.11.0)
    rspec-support (3.11.0)
    rubocop (0.68.1)
      jaro_winkler (~> 1.5.1)
      parallel (~> 1.10)
      parser (>= 2.5, != 2.5.1.1)
      rainbow (>= 2.2.2, < 4.0)
      ruby-progressbar (~> 1.7)
      unicode-display_width (>= 1.4.0, < 1.6)
    rubocop-lts (8.0.2)
      rubocop-ruby2_2 (~> 1.0.4)
    rubocop-md (0.4.1)
      rubocop (>= 0.60)
    rubocop-performance (1.3.0)
      rubocop (>= 0.68.0)
    rubocop-rake (0.5.1)
      rubocop
    rubocop-rspec (1.41.0)
      rubocop (>= 0.68.1)
    rubocop-ruby2_2 (1.0.4)
      rubocop (= 0.68.1)
    rubocop-thread_safety (0.4.4)
      rubocop (>= 0.53.0)
    ruby-progressbar (1.11.0)
    simplecov (0.21.2)
      docile (~> 1.1)
      simplecov-html (~> 0.11)
      simplecov_json_formatter (~> 0.1)
    simplecov-cobertura (2.1.0)
      rexml
      simplecov (~> 0.19)
    simplecov-html (0.12.3)
    simplecov-json (0.2.3)
      json
      simplecov
    simplecov-lcov (0.8.0)
    simplecov_json_formatter (0.1.4)
    unicode-display_width (1.5.0)
    version_gem (1.1.0)
    webrick (1.7.0)
    yard (0.9.28)
      webrick (~> 1.7.0)

PLATFORMS
  x86_64-darwin-21

DEPENDENCIES
  byebug
  codecov (~> 0.6)
  github-markup
  overcommit (~> 0.58)
  pry-debugger-jruby
  rake (~> 13.0)
  redcarpet
  rspec (~> 3.0)
  rubocop-lts (~> 8.0)
  rubocop-md
  rubocop-performance
  rubocop-rake
  rubocop-rspec
  rubocop-thread_safety
  simplecov (~> 0.21)
  simplecov-cobertura
  simplecov-json
  simplecov-lcov (~> 0.8)
  snaky_hash!
  yard

BUNDLED WITH
   2.3.21
