PATH
  remote: .
  specs:
    snaky_hash (1.0.0)
      bundler (= 1.17.3)
      hashie
      version_gem (~> 1.1)

GEM
  remote: https://rubygems.org/
  specs:
    ast (2.4.2)
    diff-lcs (1.5.0)
    github-markup (4.0.1)
    hashie (5.0.0)
    jaro_winkler (1.5.4)
    parallel (1.19.2)
    parser (3.1.2.1)
      ast (~> 2.4.1)
    rainbow (3.1.1)
    rake (13.0.6)
    redcarpet (3.5.1)
    rspec (3.11.0)
      rspec-core (~> 3.11.0)
      rspec-expectations (~> 3.11.0)
      rspec-mocks (~> 3.11.0)
    rspec-core (3.11.0)
      rspec-support (~> 3.11.0)
    rspec-expectations (3.11.0)
      diff-lcs (>= 1.2.0, < 2.0)
      rspec-support (~> 3.11.0)
    rspec-mocks (3.11.1)
      diff-lcs (>= 1.2.0, < 2.0)
      rspec-support (~> 3.11.0)
    rspec-support (3.11.0)
    rubocop (0.68.1)
      jaro_winkler (~> 1.5.1)
      parallel (~> 1.10)
      parser (>= 2.5, != 2.5.1.1)
      rainbow (>= 2.2.2, < 4.0)
      ruby-progressbar (~> 1.7)
      unicode-display_width (>= 1.4.0, < 1.6)
    rubocop-lts (8.0.2)
      rubocop-ruby2_2 (~> 1.0.4)
    rubocop-ruby2_2 (1.0.4)
      rubocop (= 0.68.1)
    ruby-progressbar (1.11.0)
    unicode-display_width (1.5.0)
    version_gem (1.1.0)
    webrick (1.7.0)
    yard (0.9.28)
      webrick (~> 1.7.0)

PLATFORMS
  ruby

DEPENDENCIES
  github-markup
  pry-debugger-jruby
  rake (~> 13.0)
  redcarpet
  rspec (~> 3.0)
  rubocop-lts (~> 8.0)
  snaky_hash!
  yard

BUNDLED WITH
   1.17.3
